PATH
  remote: .
  specs:
    jiffy (1.1.1)

GEM
  remote: https://rubygems.org/
  specs:
    minitest (5.3.3)
    rake (10.3.2)

PLATFORMS
  ruby

DEPENDENCIES
  jiffy!
  minitest
  rake
