PATH
  remote: .
  specs:
    json_better_formatter (1.0.0)

GEM
  remote: https://rubygems.org/
  specs:
    minitest (5.3.3)
    rake (10.3.2)

PLATFORMS
  ruby

DEPENDENCIES
  json_better_formatter!
  minitest
  rake
